GEM
  remote: https://rubygems.org/
  specs:
    sequel (4.48.0)

PLATFORMS
  ruby

DEPENDENCIES
  sequel

BUNDLED WITH
   1.14.6
